GEM
  remote: https://rubygems.org/
  specs:

PLATFORMS
  x86_64-linux

DEPENDENCIES

RUBY VERSION
   ruby 2.7.1p83

BUNDLED WITH
   2.2.16
